GEM
  remote: http://rubygems.org/
  specs:
    json (1.8.3)
    minitest (5.8.4)
    rake (10.5.0)

PLATFORMS
  ruby

DEPENDENCIES
  json
  minitest
  rake

BUNDLED WITH
   1.11.2
